GEM
  remote: http://rubygems.org/
  specs:
    sass (3.4.23)

PLATFORMS
  ruby

DEPENDENCIES
  sass

RUBY VERSION
   ruby 2.4.1p111

BUNDLED WITH
   1.14.6
